GEM
  remote: https://rubygems.org/
  specs:
    dotenv (2.8.1)
    google_search_results (2.2.0)

PLATFORMS
  arm64-darwin-23

DEPENDENCIES
  dotenv (~> 2.8.1)
  google_search_results

BUNDLED WITH
   2.4.12
