GEM
  remote: https://rubygems.org/
  specs:
    addressable (2.8.7)
      public_suffix (>= 2.0.2, < 7.0)
    base64 (0.2.0)
    bigdecimal (3.1.8)
    connection_pool (2.4.1)
    domain_name (0.6.20240107)
    dotenv (2.8.1)
    google_search_results (2.2.0)
    http-cookie (1.0.6)
      domain_name (~> 0.5)
    mechanize (2.11.0)
      addressable (~> 2.8)
      base64
      domain_name (~> 0.5, >= 0.5.20190701)
      http-cookie (~> 1.0, >= 1.0.3)
      mime-types (~> 3.0)
      net-http-digest_auth (~> 1.4, >= 1.4.1)
      net-http-persistent (>= 2.5.2, < 5.0.dev)
      nkf
      nokogiri (~> 1.11, >= 1.11.2)
      rubyntlm (~> 0.6, >= 0.6.3)
      webrick (~> 1.7)
      webrobots (~> 0.1.2)
    mime-types (3.5.2)
      mime-types-data (~> 3.2015)
    mime-types-data (3.2024.0702)
    net-http-digest_auth (1.4.1)
    net-http-persistent (4.0.2)
      connection_pool (~> 2.2)
    nkf (0.2.0)
    nokogiri (1.15.6-arm64-darwin)
      racc (~> 1.4)
    public_suffix (5.1.1)
    racc (1.8.0)
    ruby-ole (1.2.13.1)
    rubyntlm (0.6.5)
      base64
    spreadsheet (1.3.1)
      bigdecimal
      ruby-ole
    webrick (1.8.1)
    webrobots (0.1.2)

PLATFORMS
  arm64-darwin-23

DEPENDENCIES
  dotenv (~> 2.8.1)
  google_search_results
  mechanize (~> 2.10)
  nokogiri
  spreadsheet

BUNDLED WITH
   2.4.12
